PATH
  remote: .
  specs:
    phantoshot (0.0.1)
      hashie

GEM
  remote: https://rubygems.org/
  specs:
    diff-lcs (1.2.4)
    dotenv (0.7.0)
    foreman (0.63.0)
      dotenv (>= 0.7)
      thor (>= 0.13.6)
    hashie (2.0.5)
    rake (10.0.4)
    rspec (2.13.0)
      rspec-core (~> 2.13.0)
      rspec-expectations (~> 2.13.0)
      rspec-mocks (~> 2.13.0)
    rspec-core (2.13.1)
    rspec-expectations (2.13.0)
      diff-lcs (>= 1.1.3, < 2.0)
    rspec-mocks (2.13.1)
    thor (0.18.1)

PLATFORMS
  ruby

DEPENDENCIES
  bundler (~> 1.3)
  foreman
  phantoshot!
  rake
  rspec (~> 2.8)
